GEM
  remote: https://rubygems.org/
  specs:
    crack (0.4.3)
      safe_yaml (~> 1.0.0)
    mail (2.6.4)
      mime-types (>= 1.16, < 4)
    mime-types (3.0)
      mime-types-data (~> 3.2015)
    mime-types-data (3.2016.0221)
    mysql (2.9.1)
    safe_yaml (1.0.4)
    xml-simple (1.1.5)

PLATFORMS
  ruby

DEPENDENCIES
  crack
  mail
  mysql
  xml-simple

BUNDLED WITH
   1.12.3
